GIT
  remote: git://github.com/bcassell/sequel.git
  revision: badb0871fa7eba96e5fa2ddc61eae7bdebc1601e
  specs:
    sequel (4.6.0)

PATH
  remote: .
  specs:
    gamedb (0.0.1)

GEM
  remote: https://rubygems.org/
  specs:
    diff-lcs (1.2.5)
    pg (0.17.1)
    rspec (2.14.1)
      rspec-core (~> 2.14.0)
      rspec-expectations (~> 2.14.0)
      rspec-mocks (~> 2.14.0)
    rspec-core (2.14.7)
    rspec-expectations (2.14.4)
      diff-lcs (>= 1.1.3, < 2.0)
    rspec-mocks (2.14.4)

PLATFORMS
  ruby

DEPENDENCIES
  gamedb!
  pg
  rspec
  sequel!
